GEM
  remote: https://rubygems.org/
  specs:
    method_source (0.8.1)
    rake (10.0.4)
    zeus (0.13.3)
      method_source (>= 0.6.7)

PLATFORMS
  ruby

DEPENDENCIES
  rake
  zeus (= 0.13.3)
